GEM
  specs:
    chunky_png (1.2.5)
    coffee-script (2.2.0)
      coffee-script-source
      execjs
    coffee-script-source (1.1.3)
    compass (0.11.5)
      chunky_png (~> 1.2)
      fssm (>= 0.2.7)
      sass (~> 3.1)
    compass_twitter_bootstrap (0.1.7)
      compass
    daemons (1.0.10)
    execjs (1.2.9)
      multi_json (~> 1.0)
    frank (1.0.9)
      haml (~> 3.0)
      mongrel (~> 1.2.0.pre2)
      net-scp (~> 1.0)
      net-ssh (~> 2.0)
      rack (~> 1.1)
      tilt (~> 1.3)
    fssm (0.2.7)
    gem_plugin (0.2.3)
    haml (3.1.1)
    mongrel (1.2.0.pre2)
      daemons (~> 1.0.10)
      gem_plugin (~> 0.2.3)
    multi_json (1.0.3)
    net-scp (1.0.4)
      net-ssh (>= 1.99.1)
    net-ssh (2.1.4)
    rack (1.3.5)
    sass (3.1.10)
    tilt (1.3.2)

PLATFORMS
  ruby

DEPENDENCIES
  coffee-script
  compass_twitter_bootstrap
  frank
